GEM
  remote: https://rubygems.org/
  specs:
    base64 (0.2.0)
    google-protobuf (3.25.3-arm64-darwin)
    googleapis-common-protos-types (1.14.0)
      google-protobuf (~> 3.18)
    grpc (1.63.0-arm64-darwin)
      google-protobuf (~> 3.25)
      googleapis-common-protos-types (~> 1.0)
    grpc-tools (1.63.0)
    mustermann (3.0.0)
      ruby2_keywords (~> 0.0.1)
    rack (3.0.11)
    rack-protection (4.0.0)
      base64 (>= 0.1.0)
      rack (>= 3.0.0, < 4)
    rack-session (2.0.0)
      rack (>= 3.0.0)
    ruby2_keywords (0.0.5)
    sinatra (4.0.0)
      mustermann (~> 3.0)
      rack (>= 3.0.0, < 4)
      rack-protection (= 4.0.0)
      rack-session (>= 2.0.0, < 3)
      tilt (~> 2.0)
    tilt (2.3.0)

PLATFORMS
  arm64-darwin-23

DEPENDENCIES
  grpc
  grpc-tools
  sinatra

BUNDLED WITH
   2.4.22
